PATH
  remote: /Users/remi/Code/her
  specs:
    her (0.2.5)
      activesupport (~> 3.2)
      faraday (~> 0.8)
      multi_json (~> 1.3)

GEM
  remote: http://rubygems.org/
  specs:
    activesupport (3.2.6)
      i18n (~> 0.6)
      multi_json (~> 1.0)
    awesome_print (1.0.2)
    coderay (1.0.7)
    faraday (0.8.1)
      multipart-post (~> 1.1)
    faraday_middleware (0.8.7)
      faraday (>= 0.7.4, < 0.9)
    i18n (0.6.0)
    method_source (0.7.1)
    multi_json (1.3.6)
    multipart-post (1.1.5)
    pry (0.9.9.6)
      coderay (~> 1.0.5)
      method_source (~> 0.7.1)
      slop (>= 2.4.4, < 3)
    simple_oauth (0.1.7)
    slop (2.4.4)

PLATFORMS
  ruby

DEPENDENCIES
  awesome_print
  faraday_middleware
  her!
  pry
  simple_oauth
